GEM
  remote: https://rubygems.org/
  specs:
    addressable (2.3.8)
    async-rack (0.5.1)
      rack (~> 1.1)
    cookiejar (0.3.2)
    em-http-request (1.1.2)
      addressable (>= 2.3.4)
      cookiejar
      em-socksify (>= 0.3)
      eventmachine (>= 1.0.3)
      http_parser.rb (>= 0.6.0)
    em-socksify (0.3.0)
      eventmachine (>= 1.0.0.beta.4)
    em-synchrony (1.0.4)
      eventmachine (>= 1.0.0.beta.1)
    em-websocket (0.3.8)
      addressable (>= 2.1.1)
      eventmachine (>= 0.12.9)
    eventmachine (1.0.7-java)
    git-version-bump (0.15.1)
    goliath (1.0.4)
      async-rack
      em-synchrony (>= 1.0.0)
      em-websocket (= 0.3.8)
      eventmachine (>= 1.0.0.beta.4)
      http_parser.rb (= 0.6.0)
      log4r
      multi_json
      rack (>= 1.2.2)
      rack-contrib
      rack-respond_to
    http_parser.rb (0.6.0-java)
    json (1.8.0-java)
    log4r (1.1.10)
    multi_json (1.11.2)
    rack (1.6.4)
    rack-accept-media-types (0.9)
    rack-contrib (1.3.0)
      git-version-bump (~> 0.15)
      rack (~> 1.4)
    rack-fiber_pool (0.9.3)
    rack-respond_to (0.9.8)
      rack-accept-media-types (>= 0.6)
    tilt (2.0.1)

PLATFORMS
  java

DEPENDENCIES
  em-http-request
  em-synchrony
  goliath
  json
  rack-fiber_pool
  tilt

BUNDLED WITH
   1.10.5
